GEM
  remote: https://rubygems.org/
  specs:
    insensitive_hash (0.3.3)
    mini_portile (0.5.1)
    nokogiri (1.6.0)
      mini_portile (~> 0.5.0)

PLATFORMS
  ruby

DEPENDENCIES
  insensitive_hash
  nokogiri
